GEM
  remote: https://rubygems.org/
  specs:
    builder (3.2.3)
    c21e (1.1.8)
    cucumber (2.2.0)
      builder (>= 2.1.2)
      cucumber-core (~> 1.3.0)
      cucumber-wire (~> 0.0.1)
      diff-lcs (>= 1.1.3)
      event-bus (~> 0.1.0)
      gherkin3 (~> 3.1.0)
      multi_json (>= 1.7.5, < 2.0)
      multi_test (>= 0.1.2)
    cucumber-core (1.3.1)
      gherkin3 (~> 3.1.0)
    cucumber-messages (2.0.0)
      google-protobuf (= 3.6.1)
    cucumber-wire (0.0.1)
    diff-lcs (1.3)
    event-bus (0.1.0)
    gherkin (6.0.15)
      c21e (~> 1.1.8)
      cucumber-messages (~> 2.0.0)
    gherkin3 (3.1.2)
    google-protobuf (3.6.1)
    multi_json (1.13.1)
    multi_test (0.1.2)

PLATFORMS
  ruby

DEPENDENCIES
  cucumber
  gherkin

BUNDLED WITH
   1.16.1
